PATH
  remote: .
  specs:
    custom_seeds (0.3.1)
      progress_bar (= 1.3.1)

GEM
  remote: https://rubygems.org/
  specs:
    coderay (1.1.3)
    diff-lcs (1.5.1)
    highline (2.1.0)
    method_source (1.1.0)
    options (2.3.2)
    progress_bar (1.3.1)
      highline (>= 1.6, < 3)
      options (~> 2.3.0)
    pry (0.14.2)
      coderay (~> 1.1)
      method_source (~> 1.0)
    rake (13.2.1)
    rspec (3.10.0)
      rspec-core (~> 3.10.0)
      rspec-expectations (~> 3.10.0)
      rspec-mocks (~> 3.10.0)
    rspec-core (3.10.2)
      rspec-support (~> 3.10.0)
    rspec-expectations (3.10.2)
      diff-lcs (>= 1.2.0, < 2.0)
      rspec-support (~> 3.10.0)
    rspec-mocks (3.10.3)
      diff-lcs (>= 1.2.0, < 2.0)
      rspec-support (~> 3.10.0)
    rspec-support (3.10.3)

PLATFORMS
  arm64-darwin-23
  x86_64-darwin-21
  x86_64-darwin-23

DEPENDENCIES
  bundler
  custom_seeds!
  pry
  rake (~> 13.0)
  rspec (= 3.10.0)

BUNDLED WITH
   2.4.20
